PATH
  remote: .
  specs:
    mkmatter (3.0.43)
      activesupport (~> 5.1)
      git (~> 1.3)
      highline (~> 1.7)
      os (~> 1.0)
      slugity (~> 1.1)
      terminal-table (~> 1.8)
      thor (~> 0.20)

GEM
  remote: https://rubygems.org/
  specs:
    activesupport (5.1.5)
      concurrent-ruby (~> 1.0, >= 1.0.2)
      i18n (~> 0.7)
      minitest (~> 5.1)
      tzinfo (~> 1.1)
    ansi (1.5.0)
    builder (3.2.3)
    concurrent-ruby (1.0.5)
    git (1.3.0)
    highline (1.7.10)
    i18n (0.9.5)
      concurrent-ruby (~> 1.0)
    minitest (5.11.3)
    minitest-reporters (1.1.19)
      ansi
      builder
      minitest (>= 5.0)
      ruby-progressbar
    os (1.0.0)
    rake (10.5.0)
    ruby-progressbar (1.9.0)
    slugity (1.1.0)
    terminal-table (1.8.0)
      unicode-display_width (~> 1.1, >= 1.1.1)
    thor (0.20.0)
    thread_safe (0.3.6)
    tzinfo (1.2.5)
      thread_safe (~> 0.1)
    unicode-display_width (1.3.0)

PLATFORMS
  ruby

DEPENDENCIES
  bundler (~> 1.16)
  minitest (~> 5)
  minitest-reporters (~> 1.1)
  mkmatter!
  rake (~> 10.0)

BUNDLED WITH
   1.16.1
